GEM
  remote: https://rubygems.org/
  specs:
    facter (2.5.1)
    fast_gettext (1.1.0)
    gettext (3.2.4)
      locale (>= 2.0.5)
      text (>= 1.3.0)
    gettext-setup (0.28)
      fast_gettext (~> 1.1.0)
      gettext (>= 3.0.2)
      locale
    hiera (3.4.2)
    locale (2.1.2)
    puppet (5.3.2)
      facter (> 2.0, < 4)
      gettext-setup (>= 0.10, < 1)
      hiera (>= 3.2.1, < 4)
      locale (~> 2.1)
    text (1.3.1)

PLATFORMS
  ruby

DEPENDENCIES
  puppet

BUNDLED WITH
   1.15.4
